GEM
  remote: https://rubygems.org/
  specs:

PLATFORMS
  x86_64-darwin-19

DEPENDENCIES

RUBY VERSION
   ruby 2.7.0p0

BUNDLED WITH
   2.2.26
